GEM
  remote: https://rubygems.org/
  specs:
    cli-ui (1.1.4)
    curses (1.2.4)
    luck (0.1.6)
    terminal-table (1.8.0)
      unicode-display_width (~> 1.1, >= 1.1.1)
    thor (0.20.0)
    unicode-display_width (1.4.0)

PLATFORMS
  ruby

DEPENDENCIES
  cli-ui
  curses
  luck
  terminal-table
  thor

RUBY VERSION
   ruby 2.3.3p222

BUNDLED WITH
   1.15.1
